REDIRECTS: ON
FRAMEWORK: >= NET45
NUGET
  remote: https://www.nuget.org/api/v2
    FSharp.Compiler.Service (8.0)
      System.Collections.Immutable (>= 1.2)
      System.Reflection.Metadata (>= 1.4.1-beta-24227-04)
    FSharp.Core (4.0.0.1)
    Microsoft.Build (15.1.262-preview5) - framework: >= net46
      Microsoft.Build.Framework (15.1.262-preview5) - framework: >= net46
    Microsoft.Build.Framework (15.1.262-preview5)
      System.Collections (>= 4.0.11) - framework: >= net46
      System.Diagnostics.Debug (>= 4.0.11) - framework: >= net46
      System.Globalization (>= 4.0.11) - framework: >= net46
      System.Runtime (>= 4.1) - framework: >= net46
      System.Runtime.InteropServices (>= 4.1) - framework: >= net46
      System.Threading (>= 4.0.11) - framework: >= net46
      System.Threading.Thread (>= 4.0) - framework: >= net46
    Microsoft.Build.Runtime (15.1.262-preview5)
      Microsoft.Build (15.1.262-preview5) - framework: >= net46
      Microsoft.Build.Framework (15.1.262-preview5) - framework: >= net46
      Microsoft.Build.Tasks.Core (15.1.262-preview5) - framework: >= net46
      Microsoft.Build.Utilities.Core (15.1.262-preview5) - framework: >= net46
    Microsoft.Build.Tasks.Core (15.1.262-preview5) - framework: >= net46
      Microsoft.Build.Framework (15.1.262-preview5) - framework: >= net46
      Microsoft.Build.Utilities.Core (15.1.262-preview5) - framework: >= net46
    Microsoft.Build.Utilities.Core (15.1.262-preview5)
      Microsoft.Build.Framework (15.1.262-preview5) - framework: >= net46
    Microsoft.CodeAnalysis.Analyzers (1.1)
    Microsoft.CodeAnalysis.Common (1.3.2)
      Microsoft.CodeAnalysis.Analyzers (>= 1.1)
      System.AppContext (>= 4.1) - framework: >= net46
      System.Collections (>= 4.0.11) - framework: >= net46
      System.Collections.Concurrent (>= 4.0.12) - framework: >= net46
      System.Collections.Immutable (>= 1.1.37)
      System.Collections.Immutable (>= 1.2) - framework: >= net46
      System.Console (>= 4.0) - framework: >= net46
      System.Diagnostics.Debug (>= 4.0.11) - framework: >= net46
      System.Diagnostics.FileVersionInfo (>= 4.0) - framework: >= net46
      System.Diagnostics.StackTrace (>= 4.0.1) - framework: >= net46
      System.Diagnostics.Tools (>= 4.0.1) - framework: >= net46
      System.Dynamic.Runtime (>= 4.0.11) - framework: >= net46
      System.Globalization (>= 4.0.11) - framework: >= net46
      System.IO.FileSystem (>= 4.0.1) - framework: >= net46
      System.IO.FileSystem.Primitives (>= 4.0.1) - framework: >= net46
      System.Linq (>= 4.1) - framework: >= net46
      System.Linq.Expressions (>= 4.1) - framework: >= net46
      System.Reflection (>= 4.1) - framework: >= net46
      System.Reflection.Metadata (>= 1.2)
      System.Reflection.Metadata (>= 1.3) - framework: >= net46
      System.Reflection.Primitives (>= 4.0.1) - framework: >= net46
      System.Resources.ResourceManager (>= 4.0.1) - framework: >= net46
      System.Runtime (>= 4.1) - framework: >= net46
      System.Runtime.Extensions (>= 4.1) - framework: >= net46
      System.Runtime.Handles (>= 4.0.1) - framework: >= net46
      System.Runtime.InteropServices (>= 4.1) - framework: >= net46
      System.Runtime.Numerics (>= 4.0.1) - framework: >= net46
      System.Security.Cryptography.Algorithms (>= 4.2) - framework: >= net46
      System.Security.Cryptography.Encoding (>= 4.0) - framework: >= net46
      System.Security.Cryptography.X509Certificates (>= 4.1) - framework: >= net46
      System.Text.Encoding (>= 4.0.11) - framework: >= net46
      System.Text.Encoding.CodePages (>= 4.0.1) - framework: >= net46
      System.Text.Encoding.Extensions (>= 4.0.11) - framework: >= net46
      System.Threading (>= 4.0.11) - framework: >= net46
      System.Threading.Tasks (>= 4.0.11) - framework: >= net46
      System.Threading.Tasks.Parallel (>= 4.0.1) - framework: >= net46
      System.Threading.Thread (>= 4.0) - framework: >= net46
      System.Xml.ReaderWriter (>= 4.0.11) - framework: >= net46
      System.Xml.XDocument (>= 4.0.11) - framework: >= net46
      System.Xml.XmlDocument (>= 4.0.1) - framework: >= net46
      System.Xml.XPath.XDocument (>= 4.0.1) - framework: >= net46
    Microsoft.CodeAnalysis.Workspaces.Common (1.3.2)
      Microsoft.CodeAnalysis.Common (1.3.2)
      Microsoft.Composition (>= 1.0.27)
    Microsoft.Composition (1.0.30)
    Microsoft.Extensions.Caching.Abstractions (1.0) - framework: >= net451
    Microsoft.Extensions.Caching.Memory (1.0)
      Microsoft.Extensions.Caching.Abstractions (>= 1.0) - framework: >= net451
      Microsoft.Extensions.DependencyInjection.Abstractions (>= 1.0) - framework: >= net451
      Microsoft.Extensions.Options (>= 1.0) - framework: >= net451
    Microsoft.Extensions.Configuration (1.0)
      Microsoft.Extensions.Configuration.Abstractions (>= 1.0)
      System.Collections (>= 4.0.11)
      System.Diagnostics.Debug (>= 4.0.11)
      System.IO (>= 4.1)
      System.Resources.ResourceManager (>= 4.0.1)
      System.Runtime.Extensions (>= 4.1)
      System.Runtime.InteropServices (>= 4.1)
      System.Threading (>= 4.0.11)
    Microsoft.Extensions.Configuration.Abstractions (1.0)
    Microsoft.Extensions.DependencyInjection.Abstractions (1.0)
    Microsoft.Extensions.FileSystemGlobbing (1.0)
    Microsoft.Extensions.Logging (1.0)
      Microsoft.Extensions.DependencyInjection.Abstractions (>= 1.0)
      Microsoft.Extensions.Logging.Abstractions (>= 1.0)
      System.Threading (>= 4.0.11)
    Microsoft.Extensions.Logging.Abstractions (1.0)
      System.Collections (>= 4.0.11)
      System.Collections.Concurrent (>= 4.0.12)
      System.Diagnostics.Debug (>= 4.0.11)
      System.Globalization (>= 4.0.11)
      System.Linq (>= 4.1)
      System.Reflection (>= 4.1)
      System.Resources.ResourceManager (>= 4.0.1)
      System.Runtime.Extensions (>= 4.1)
      System.Runtime.InteropServices (>= 4.1)
    Microsoft.Extensions.Logging.Console (1.0)
      Microsoft.Extensions.Configuration.Abstractions (>= 1.0) - framework: >= net451
      Microsoft.Extensions.Logging.Abstractions (>= 1.0) - framework: >= net451
      System.Runtime.InteropServices.RuntimeInformation (>= 4.0) - framework: >= net451
    Microsoft.Extensions.Options (1.0) - framework: >= net451
    Microsoft.Extensions.PlatformAbstractions (1.0)
    System.AppContext (4.1) - framework: >= net46
    System.Collections (4.0.11)
    System.Collections.Concurrent (4.0.12)
    System.Collections.Immutable (1.2)
    System.Console (4.0) - framework: >= net46
    System.Diagnostics.Debug (4.0.11)
    System.Diagnostics.FileVersionInfo (4.0) - framework: >= net46
    System.Diagnostics.StackTrace (4.0.1) - framework: >= net46
    System.Diagnostics.Tools (4.0.1) - framework: >= net46
    System.Dynamic.Runtime (4.0.11) - framework: >= net46
    System.Globalization (4.0.11)
    System.IO (4.1)
    System.IO.FileSystem (4.0.1) - framework: >= net46
      System.IO.FileSystem.Primitives (>= 4.0.1) - framework: >= net46
    System.IO.FileSystem.Primitives (4.0.1)
    System.IO.FileSystem.Watcher (4.0)
    System.Linq (4.1)
    System.Linq.Expressions (4.1) - framework: >= net46
    System.Reflection (4.1)
    System.Reflection.Metadata (1.4.1-beta-24430-01)
      System.Collections.Immutable (>= 1.2)
    System.Reflection.Primitives (4.0.1) - framework: >= net46
    System.Resources.ResourceManager (4.0.1)
    System.Runtime (4.1)
    System.Runtime.Extensions (4.1)
    System.Runtime.Handles (4.0.1) - framework: >= net46
    System.Runtime.InteropServices (4.1)
      System.Runtime (>= 4.1) - framework: >= net462
    System.Runtime.InteropServices.RuntimeInformation (4.0) - framework: >= net451
    System.Runtime.Numerics (4.0.1) - framework: >= net46
    System.Security.Cryptography.Algorithms (4.2) - framework: >= net46
      System.IO (>= 4.1) - framework: >= net463
      System.Runtime (>= 4.1) - framework: >= net463
      System.Security.Cryptography.Encoding (>= 4.0) - framework: >= net463
      System.Security.Cryptography.Primitives (>= 4.0) - framework: net46, net461, >= net463
    System.Security.Cryptography.Encoding (4.0)
    System.Security.Cryptography.Primitives (4.0) - framework: net46, net461, >= net463
    System.Security.Cryptography.X509Certificates (4.1) - framework: >= net46
      System.Security.Cryptography.Algorithms (>= 4.2) - framework: >= net46
      System.Security.Cryptography.Encoding (>= 4.0) - framework: >= net46
    System.Text.Encoding (4.0.11) - framework: >= net46
    System.Text.Encoding.CodePages (4.0.1) - framework: >= net46
    System.Text.Encoding.Extensions (4.0.11) - framework: >= net46
    System.Threading (4.0.11)
    System.Threading.Tasks (4.0.11) - framework: >= net46
    System.Threading.Tasks.Parallel (4.0.1) - framework: >= net46
    System.Threading.Thread (4.0)
    System.Xml.ReaderWriter (4.0.11) - framework: >= net46
    System.Xml.XDocument (4.0.11) - framework: >= net46
    System.Xml.XmlDocument (4.0.1) - framework: >= net46
    System.Xml.XPath (4.0.1) - framework: >= net46
    System.Xml.XPath.XDocument (4.0.1) - framework: >= net46
      System.Xml.XPath (>= 4.0.1) - framework: >= net46
