REDIRECTS: ON
FRAMEWORK: >= NET46
NUGET
  remote: https://www.nuget.org/api/v2
    FsCheck (2.6.2)
      FSharp.Core (>= 3.1.2.5)
    FSharp.Compiler.Service (8.0)
      System.Collections.Immutable (>= 1.2)
      System.Reflection.Metadata (>= 1.4.1-beta-24227-04)
    FSharp.Core (4.0.0.1)
    FSharpVSPowerTools.Core (2.4)
      FSharp.Compiler.Service (>= 2.0.0.8)
    Microsoft.CodeAnalysis.Analyzers (1.1)
    Microsoft.CodeAnalysis.Common (1.3.2)
      Microsoft.CodeAnalysis.Analyzers (>= 1.1)
      System.AppContext (>= 4.1)
      System.Collections (>= 4.0.11)
      System.Collections.Concurrent (>= 4.0.12)
      System.Collections.Immutable (>= 1.1.37)
      System.Collections.Immutable (>= 1.2)
      System.Console (>= 4.0)
      System.Diagnostics.Debug (>= 4.0.11)
      System.Diagnostics.FileVersionInfo (>= 4.0)
      System.Diagnostics.StackTrace (>= 4.0.1)
      System.Diagnostics.Tools (>= 4.0.1)
      System.Dynamic.Runtime (>= 4.0.11)
      System.Globalization (>= 4.0.11)
      System.IO.FileSystem (>= 4.0.1)
      System.IO.FileSystem.Primitives (>= 4.0.1)
      System.Linq (>= 4.1)
      System.Linq.Expressions (>= 4.1)
      System.Reflection (>= 4.1)
      System.Reflection.Metadata (>= 1.2)
      System.Reflection.Metadata (>= 1.3)
      System.Reflection.Primitives (>= 4.0.1)
      System.Resources.ResourceManager (>= 4.0.1)
      System.Runtime (>= 4.1)
      System.Runtime.Extensions (>= 4.1)
      System.Runtime.Handles (>= 4.0.1)
      System.Runtime.InteropServices (>= 4.1)
      System.Runtime.Numerics (>= 4.0.1)
      System.Security.Cryptography.Algorithms (>= 4.2)
      System.Security.Cryptography.Encoding (>= 4.0)
      System.Security.Cryptography.X509Certificates (>= 4.1)
      System.Text.Encoding (>= 4.0.11)
      System.Text.Encoding.CodePages (>= 4.0.1)
      System.Text.Encoding.Extensions (>= 4.0.11)
      System.Threading (>= 4.0.11)
      System.Threading.Tasks (>= 4.0.11)
      System.Threading.Tasks.Parallel (>= 4.0.1)
      System.Threading.Thread (>= 4.0)
      System.Xml.ReaderWriter (>= 4.0.11)
      System.Xml.XDocument (>= 4.0.11)
      System.Xml.XmlDocument (>= 4.0.1)
      System.Xml.XPath.XDocument (>= 4.0.1)
    Microsoft.CodeAnalysis.CSharp (1.3.2)
      Microsoft.CodeAnalysis.Common (1.3.2)
    Microsoft.CodeAnalysis.VisualBasic (1.3.2)
      Microsoft.CodeAnalysis.Common (>= 1.3.2)
    Microsoft.CodeAnalysis.Workspaces.Common (1.3.2)
      Microsoft.CodeAnalysis.Common (1.3.2)
      Microsoft.Composition (>= 1.0.27)
    Microsoft.Composition (1.0.30)
    Microsoft.DiaSymReader.Native (1.4)
    Microsoft.DotNet.Cli.Utils (1.0.0-preview2-003121)
      Microsoft.DotNet.ProjectModel (>= 1.0.0-rc3-003121)
      NuGet.Frameworks (>= 3.5.0-beta2-1484)
      NuGet.Packaging (>= 3.5.0-beta2-1484)
      NuGet.ProjectModel (>= 3.5.0-beta2-1484)
      NuGet.Versioning (>= 3.5.0-beta2-1484)
    Microsoft.DotNet.Compiler.Common (1.0.0-preview2-003121)
      Microsoft.CodeAnalysis.CSharp (>= 1.3)
      Microsoft.DotNet.Cli.Utils (>= 1.0.0-preview2-003121)
      Microsoft.DotNet.Files (>= 1.0.0-preview2-003121)
      Microsoft.DotNet.ProjectModel (>= 1.0.0-rc3-003121)
    Microsoft.DotNet.Files (1.0.0-preview2-003121)
      Microsoft.DotNet.Cli.Utils (>= 1.0.0-preview2-003121)
      Microsoft.DotNet.ProjectModel (>= 1.0.0-rc3-003121)
      System.Linq.Expressions (>= 4.1)
    Microsoft.DotNet.ProjectModel (1.0.0-rc3-003121)
      Microsoft.Extensions.DependencyModel (>= 1.0)
      Newtonsoft.Json (>= 9.0.1)
      NuGet.Packaging (>= 3.5.0-beta2-1484)
      NuGet.RuntimeModel (>= 3.5.0-beta2-1484)
      System.Reflection.Metadata (>= 1.3)
    Microsoft.Extensions.Caching.Abstractions (1.0)
    Microsoft.Extensions.Caching.Memory (1.0)
      Microsoft.Extensions.Caching.Abstractions (>= 1.0)
      Microsoft.Extensions.DependencyInjection.Abstractions (>= 1.0)
      Microsoft.Extensions.Options (>= 1.0)
    Microsoft.Extensions.Configuration (1.0)
      Microsoft.Extensions.Configuration.Abstractions (>= 1.0)
      System.Collections (>= 4.0.11)
      System.Diagnostics.Debug (>= 4.0.11)
      System.IO (>= 4.1)
      System.Resources.ResourceManager (>= 4.0.1)
      System.Runtime.Extensions (>= 4.1)
      System.Runtime.InteropServices (>= 4.1)
      System.Threading (>= 4.0.11)
    Microsoft.Extensions.Configuration.Abstractions (1.0)
    Microsoft.Extensions.DependencyInjection.Abstractions (1.0)
    Microsoft.Extensions.FileSystemGlobbing (1.0)
    Microsoft.Extensions.Logging (1.0)
      Microsoft.Extensions.DependencyInjection.Abstractions (>= 1.0)
      Microsoft.Extensions.Logging.Abstractions (>= 1.0)
      System.Threading (>= 4.0.11)
    Microsoft.Extensions.Logging.Abstractions (1.0)
      System.Collections (>= 4.0.11)
      System.Collections.Concurrent (>= 4.0.12)
      System.Diagnostics.Debug (>= 4.0.11)
      System.Globalization (>= 4.0.11)
      System.Linq (>= 4.1)
      System.Reflection (>= 4.1)
      System.Resources.ResourceManager (>= 4.0.1)
      System.Runtime.Extensions (>= 4.1)
      System.Runtime.InteropServices (>= 4.1)
    Microsoft.Extensions.Logging.Console (1.0)
      Microsoft.Extensions.Configuration.Abstractions (>= 1.0)
      Microsoft.Extensions.Logging.Abstractions (>= 1.0)
      System.Runtime.InteropServices.RuntimeInformation (>= 4.0)
    Microsoft.Extensions.Options (1.0)
    Microsoft.Extensions.PlatformAbstractions (1.0)
    Microsoft.FSharp.Core.netcore (1.0.0-alpha-161102)
      Microsoft.NETCore.Platforms (>= 1.0.1) - framework: >= net463
      NETStandard.Library (>= 1.6) - framework: >= net463
      System.Linq.Expressions (>= 4.1) - framework: >= net463
      System.Linq.Queryable (>= 4.0.1) - framework: >= net463
      System.Net.Requests (>= 4.0.11) - framework: >= net463
      System.Reflection.Emit (>= 4.0.1) - framework: >= net463
      System.Reflection.TypeExtensions (>= 4.1) - framework: >= net463
      System.Runtime.Loader (>= 4.0) - framework: >= net463
      System.Threading.Tasks.Parallel (>= 4.0.1) - framework: >= net463
      System.Threading.Thread (>= 4.0) - framework: >= net463
      System.Threading.ThreadPool (>= 4.0.10) - framework: >= net463
    Microsoft.NETCore.Windows.ApiSets (1.0.1)
    Newtonsoft.Json (9.0.1)
    NuGet.Common (3.5.0-rc1-final)
    NuGet.Configuration (3.5.0-rc1-final)
      NuGet.Common (>= 3.5.0-rc1-final)
    NuGet.DependencyResolver.Core (3.5.0-rc1-final)
      NuGet.Frameworks (>= 3.5.0-rc1-final)
      NuGet.LibraryModel (>= 3.5.0-rc1-final)
      NuGet.Protocol.Core.v3 (>= 3.5.0-rc1-final)
      NuGet.Repositories (>= 3.5.0-rc1-final)
      NuGet.RuntimeModel (>= 3.5.0-rc1-final)
    NuGet.Frameworks (3.5.0-rc1-final)
    NuGet.LibraryModel (3.5.0-rc1-final)
      NuGet.Frameworks (>= 3.5.0-rc1-final)
      NuGet.Versioning (>= 3.5.0-rc1-final)
    NuGet.Packaging (3.5.0-rc1-final)
      NuGet.Common (>= 3.5.0-rc1-final)
      NuGet.Packaging.Core (>= 3.5.0-rc1-final)
    NuGet.Packaging.Core (3.5.0-rc1-final)
      NuGet.Common (>= 3.5.0-rc1-final)
      NuGet.Packaging.Core.Types (>= 3.5.0-rc1-final)
    NuGet.Packaging.Core.Types (3.5.0-rc1-final)
      NuGet.Frameworks (>= 3.5.0-rc1-final)
      NuGet.Versioning (>= 3.5.0-rc1-final)
    NuGet.ProjectModel (3.5.0-rc1-final)
      Newtonsoft.Json (>= 6.0.4)
      NuGet.DependencyResolver.Core (>= 3.5.0-rc1-final)
    NuGet.Protocol.Core.Types (3.5.0-rc1-final)
      NuGet.Common (>= 3.5.0-rc1-final)
      NuGet.Configuration (>= 3.5.0-rc1-final)
      NuGet.Packaging (>= 3.5.0-rc1-final)
    NuGet.Protocol.Core.v3 (3.5.0-rc1-final)
      Newtonsoft.Json (>= 6.0.4)
      NuGet.Common (>= 3.5.0-rc1-final)
      NuGet.Packaging (>= 3.5.0-rc1-final)
      NuGet.Protocol.Core.Types (>= 3.5.0-rc1-final)
    NuGet.Repositories (3.5.0-rc1-final)
      NuGet.Packaging (>= 3.5.0-rc1-final)
    NuGet.RuntimeModel (3.5.0-rc1-final)
      Newtonsoft.Json (>= 6.0.4)
      NuGet.Frameworks (>= 3.5.0-rc1-final)
      NuGet.Versioning (>= 3.5.0-rc1-final)
    NuGet.Versioning (3.5.0-rc1-final)
    NUnit (3.5)
    NUnit.ConsoleRunner (3.5)
    NUnit.Extension.NUnitProjectLoader (3.5)
    NUnit.Extension.NUnitV2Driver (3.5)
    NUnit.Extension.NUnitV2ResultWriter (3.5)
    NUnit.Extension.TeamCityEventListener (1.0.2)
    NUnit.Extension.VSProjectLoader (3.5)
    NUnit.Runners (3.5)
      NUnit.ConsoleRunner (>= 3.5)
      NUnit.Extension.NUnitProjectLoader (>= 3.5)
      NUnit.Extension.NUnitV2Driver (>= 3.5)
      NUnit.Extension.NUnitV2ResultWriter (>= 3.5)
      NUnit.Extension.TeamCityEventListener (>= 1.0.2)
      NUnit.Extension.VSProjectLoader (>= 3.5)
  remote: https://www.myget.org/F/netcorecli-fsc-preview3
    FSharp.NET.Sdk (1.0.0-alpha-000001) - import_targets: false
  remote: https://dotnet.myget.org/F/dotnet-core
    Libuv (1.9.1)
    Microsoft.CSharp (4.3.0)
    Microsoft.DotNet.PlatformAbstractions (1.1.0)
    Microsoft.Extensions.DependencyModel (1.1.0)
      Microsoft.DotNet.PlatformAbstractions (>= 1.1)
      Newtonsoft.Json (>= 9.0.1)
    Microsoft.NET.Sdk (1.0.0-alpha-20161104-2) - import_targets: false
      NuGet.Build.Tasks.Pack (>= 4.0.0-rc-2048)
    Microsoft.NETCore.App (1.1.0)
      Libuv (>= 1.9.1)
      Microsoft.CodeAnalysis.CSharp (>= 1.3)
      Microsoft.CodeAnalysis.VisualBasic (>= 1.3)
      Microsoft.CSharp (>= 4.3)
      Microsoft.DiaSymReader.Native (>= 1.4)
      Microsoft.NETCore.DotNetHostPolicy (>= 1.1)
      Microsoft.NETCore.Runtime.CoreCLR (>= 1.1)
      Microsoft.VisualBasic (>= 10.1)
      NETStandard.Library (>= 1.6.1)
      System.Buffers (>= 4.3)
      System.Collections.Immutable (>= 1.3)
      System.ComponentModel (>= 4.3)
      System.ComponentModel.Annotations (>= 4.3)
      System.Diagnostics.DiagnosticSource (>= 4.3)
      System.Diagnostics.Process (>= 4.3)
      System.Dynamic.Runtime (>= 4.3)
      System.Globalization.Extensions (>= 4.3)
      System.IO.FileSystem.Watcher (>= 4.3)
      System.IO.MemoryMappedFiles (>= 4.3)
      System.IO.UnmanagedMemoryStream (>= 4.3)
      System.Linq.Expressions (>= 4.3)
      System.Linq.Parallel (>= 4.3)
      System.Linq.Queryable (>= 4.3)
      System.Net.NameResolution (>= 4.3)
      System.Net.Requests (>= 4.3)
      System.Net.Security (>= 4.3)
      System.Net.WebHeaderCollection (>= 4.3)
      System.Numerics.Vectors (>= 4.3)
      System.Reflection.DispatchProxy (>= 4.3)
      System.Reflection.Metadata (>= 1.4.1)
      System.Reflection.TypeExtensions (>= 4.3)
      System.Resources.Reader (>= 4.3)
      System.Runtime.Loader (>= 4.3)
      System.Security.Cryptography.Algorithms (>= 4.3)
      System.Security.Cryptography.Encoding (>= 4.3)
      System.Security.Cryptography.Primitives (>= 4.3)
      System.Security.Cryptography.X509Certificates (>= 4.3)
      System.Threading.Tasks.Dataflow (>= 4.7)
      System.Threading.Tasks.Extensions (>= 4.3)
      System.Threading.Tasks.Parallel (>= 4.3)
      System.Threading.Thread (>= 4.3)
      System.Threading.ThreadPool (>= 4.3)
    Microsoft.NETCore.DotNetHost (1.1.0)
    Microsoft.NETCore.DotNetHostPolicy (1.1.0)
      Microsoft.NETCore.DotNetHostResolver (>= 1.1)
    Microsoft.NETCore.DotNetHostResolver (1.1.0)
      Microsoft.NETCore.DotNetHost (>= 1.1)
    Microsoft.NETCore.Jit (1.1.0)
    Microsoft.NETCore.Platforms (1.1.0) - framework: >= net463
    Microsoft.NETCore.Runtime.CoreCLR (1.1.0)
      Microsoft.NETCore.Jit (>= 1.1)
      Microsoft.NETCore.Windows.ApiSets (>= 1.0.1)
    Microsoft.VisualBasic (10.1.0)
    Microsoft.Win32.Primitives (4.3.0)
    NETStandard.Library (1.6.1)
      Microsoft.Win32.Primitives (>= 4.3)
      System.AppContext (>= 4.3)
      System.Collections.Concurrent (>= 4.3)
      System.Console (>= 4.3)
      System.Diagnostics.Tracing (>= 4.3)
      System.Globalization.Calendars (>= 4.3)
      System.IO.Compression (>= 4.3)
      System.IO.Compression.ZipFile (>= 4.3)
      System.IO.FileSystem (>= 4.3)
      System.IO.FileSystem.Primitives (>= 4.3)
      System.Net.Http (>= 4.3)
      System.Net.Sockets (>= 4.3)
      System.Runtime.Handles (>= 4.3)
      System.Runtime.InteropServices (>= 4.3)
      System.Runtime.InteropServices.RuntimeInformation (>= 4.3)
      System.Runtime.Numerics (>= 4.3)
      System.Security.Cryptography.Algorithms (>= 4.3)
      System.Security.Cryptography.Encoding (>= 4.3)
      System.Security.Cryptography.Primitives (>= 4.3)
      System.Security.Cryptography.X509Certificates (>= 4.3)
      System.Threading.Timer (>= 4.3)
    NuGet.Build.Tasks.Pack (4.0.0-rc2-2066) - import_targets: false
    System.AppContext (4.3.0)
    System.Buffers (4.3.0)
    System.Collections (4.3.0)
    System.Collections.Concurrent (4.3.0)
    System.Collections.Immutable (1.3.0)
    System.ComponentModel (4.3.0)
    System.ComponentModel.Annotations (4.3.0)
    System.Composition (1.0.31)
      System.Composition.AttributedModel (>= 1.0.31)
      System.Composition.Convention (>= 1.0.31)
      System.Composition.Hosting (>= 1.0.31)
      System.Composition.Runtime (>= 1.0.31)
      System.Composition.TypedParts (>= 1.0.31)
    System.Composition.AttributedModel (1.0.31)
    System.Composition.Convention (1.0.31)
      System.Composition.AttributedModel (>= 1.0.31)
    System.Composition.Hosting (1.0.31)
      System.Composition.Runtime (>= 1.0.31)
    System.Composition.Runtime (1.0.31)
    System.Composition.TypedParts (1.0.31)
      System.Composition.AttributedModel (>= 1.0.31)
      System.Composition.Hosting (>= 1.0.31)
      System.Composition.Runtime (>= 1.0.31)
    System.Console (4.3.0)
    System.Diagnostics.Debug (4.3.0)
    System.Diagnostics.DiagnosticSource (4.3.0)
    System.Diagnostics.FileVersionInfo (4.3.0)
    System.Diagnostics.Process (4.3.0)
    System.Diagnostics.StackTrace (4.3.0)
    System.Diagnostics.Tools (4.3.0)
    System.Diagnostics.Tracing (4.3.0)
    System.Dynamic.Runtime (4.3.0)
    System.Globalization (4.3.0)
    System.Globalization.Calendars (4.3.0)
    System.Globalization.Extensions (4.3.0)
    System.IO (4.3.0)
    System.IO.Compression (4.3.0)
    System.IO.Compression.ZipFile (4.3.0)
    System.IO.FileSystem (4.3.0)
      System.IO.FileSystem.Primitives (>= 4.3)
    System.IO.FileSystem.Primitives (4.3.0)
    System.IO.FileSystem.Watcher (4.3.0)
    System.IO.MemoryMappedFiles (4.3.0)
      System.IO.FileSystem (>= 4.3)
      System.IO.FileSystem.Primitives (>= 4.3)
      System.IO.UnmanagedMemoryStream (>= 4.3)
    System.IO.UnmanagedMemoryStream (4.3.0)
      System.IO.FileSystem.Primitives (>= 4.3)
    System.Linq (4.3.0)
    System.Linq.Expressions (4.3.0)
    System.Linq.Parallel (4.3.0)
    System.Linq.Queryable (4.3.0)
    System.Net.Http (4.3.0)
      System.Diagnostics.DiagnosticSource (>= 4.3)
      System.Security.Cryptography.X509Certificates (>= 4.3)
    System.Net.NameResolution (4.3.0)
    System.Net.Requests (4.3.0)
    System.Net.Security (4.3.0)
      System.Security.Cryptography.X509Certificates (>= 4.3)
    System.Net.Sockets (4.3.0)
    System.Net.WebHeaderCollection (4.3.0)
    System.Numerics.Vectors (4.3.0)
    System.Reflection (4.3.0)
    System.Reflection.DispatchProxy (4.3.0)
    System.Reflection.Emit (4.3.0) - framework: >= net463
    System.Reflection.Metadata (1.4.1)
      System.Collections.Immutable (>= 1.3)
    System.Reflection.Primitives (4.3.0)
    System.Reflection.TypeExtensions (4.3.0)
      System.Reflection (>= 4.3) - framework: >= net462
    System.Resources.Reader (4.3.0)
    System.Resources.ResourceManager (4.3.0)
    System.Runtime (4.3.0)
    System.Runtime.Extensions (4.3.0)
    System.Runtime.Handles (4.3.0)
    System.Runtime.InteropServices (4.3.0)
      System.Runtime (>= 4.3) - framework: >= net462
    System.Runtime.InteropServices.RuntimeInformation (4.3.0)
    System.Runtime.Loader (4.3.0)
    System.Runtime.Numerics (4.3.0)
    System.Security.Cryptography.Algorithms (4.3.0)
      System.IO (>= 4.3) - framework: >= net463
      System.Runtime (>= 4.3) - framework: >= net463
      System.Security.Cryptography.Encoding (>= 4.3) - framework: >= net463
      System.Security.Cryptography.Primitives (>= 4.3) - framework: net46, net461, >= net463
    System.Security.Cryptography.Encoding (4.3.0)
    System.Security.Cryptography.Primitives (4.3.0)
    System.Security.Cryptography.X509Certificates (4.3.0)
      System.Security.Cryptography.Algorithms (>= 4.3)
      System.Security.Cryptography.Encoding (>= 4.3)
    System.Text.Encoding (4.3.0)
    System.Text.Encoding.CodePages (4.3.0)
    System.Text.Encoding.Extensions (4.3.0)
    System.Threading (4.3.0)
    System.Threading.Tasks (4.3.0)
    System.Threading.Tasks.Dataflow (4.7.0)
    System.Threading.Tasks.Extensions (4.3.0)
    System.Threading.Tasks.Parallel (4.3.0)
    System.Threading.Thread (4.3.0)
    System.Threading.ThreadPool (4.3.0)
    System.Threading.Timer (4.3.0)
    System.Xml.ReaderWriter (4.3.0)
    System.Xml.XDocument (4.3.0)
    System.Xml.XmlDocument (4.3.0)
    System.Xml.XPath (4.3.0)
    System.Xml.XPath.XDocument (4.3.0)
      System.Xml.XPath (>= 4.3)
  remote: https://dotnet.myget.org/F/msbuild
    Microsoft.Build (15.1.0-preview-000371-00)
      Microsoft.Build.Framework (15.1.0-preview-000371-00)
    Microsoft.Build.Framework (15.1.0-preview-000371-00)
      System.Collections (>= 4.0.11)
      System.Diagnostics.Debug (>= 4.0.11)
      System.Globalization (>= 4.0.11)
      System.Runtime (>= 4.1)
      System.Runtime.InteropServices (>= 4.1)
      System.Threading (>= 4.0.11)
      System.Threading.Thread (>= 4.0)
    Microsoft.Build.Runtime (15.1.0-preview-000371-00)
      Microsoft.Build (15.1.0-preview-000371-00)
      Microsoft.Build.Framework (15.1.0-preview-000371-00)
      Microsoft.Build.Tasks.Core (15.1.0-preview-000371-00)
      Microsoft.Build.Utilities.Core (15.1.0-preview-000371-00)
    Microsoft.Build.Tasks.Core (15.1.0-preview-000371-00)
      Microsoft.Build.Framework (15.1.0-preview-000371-00)
      Microsoft.Build.Utilities.Core (15.1.0-preview-000371-00)
    Microsoft.Build.Utilities.Core (15.1.0-preview-000371-00)
      Microsoft.Build.Framework (15.1.0-preview-000371-00)
