REDIRECTS: ON
FRAMEWORK: >= NET45
NUGET
  remote: https://www.nuget.org/api/v2
    FSharp.Compiler.Service (6.0.1)
      System.Collections.Immutable (>= 1.2)
      System.Reflection.Metadata (>= 1.4.1-beta-24227-04)
    FSharp.Core (4.0.0.1)
    Microsoft.CodeAnalysis.Common (1.3.2)
    Microsoft.CodeAnalysis.Workspaces.Common (1.3.2)
      Microsoft.CodeAnalysis.Common (1.3.2)
      Microsoft.Composition (>= 1.0.27)
    Microsoft.Composition (1.0.30)
    System.Collections.Immutable (1.2)
    System.Reflection.Metadata (1.4.1-beta-24227-04)
      System.Collections.Immutable (>= 1.2)
